GIT
  remote: https://github.com/archSeer/ruby-mpd.git
  revision: e0d5f4e30a8dedfea884192fc861dd048122677d
  specs:
    ruby-mpd (0.3.4)

GIT
  remote: https://github.com/sokkalf/oled-control.git
  revision: bb6caeca58d75eafa576e3ad4fba3ab6ef12a323
  specs:
    oled-control (0.1.1)

GEM
  remote: https://rubygems.org/
  specs:

PLATFORMS
  ruby

DEPENDENCIES
  oled-control!
  ruby-mpd!

BUNDLED WITH
   1.11.2
