GIT
  remote: https://github.com/sokkalf/oled-control.git
  revision: 6f34d7cb20c395c43afc1e87a2d9e9fed146e366
  specs:
    oled-control (0.0.1)

GIT
  remote: https://github.com/sokkalf/ruby-mpd.git
  revision: f93b0aefbaae8cf77aeef00e1e8c6bc707935d29
  specs:
    ruby-mpd (0.3.4)

GEM
  specs:

PLATFORMS
  ruby

DEPENDENCIES
  oled-control!
  ruby-mpd!

BUNDLED WITH
   1.11.2
