GIT
  remote: https://github.com/sokkalf/oled-control.git
  revision: 953eae1d9ace5673a7fdb97acf01feeffac2314c
  specs:
    oled-control (0.0.1)

GIT
  remote: https://github.com/sokkalf/ruby-mpd.git
  revision: f93b0aefbaae8cf77aeef00e1e8c6bc707935d29
  specs:
    ruby-mpd (0.3.4)

GEM
  specs:

PLATFORMS
  ruby

DEPENDENCIES
  oled-control!
  ruby-mpd!

BUNDLED WITH
   1.11.2
